GEM
  remote: https://rubygems.org/
  specs:
    ast (2.4.2)
    bigdecimal (3.1.8)
    byebug (11.1.3)
    coderay (1.1.3)
    drydock (0.6.9)
    json (2.7.2)
    language_server-protocol (3.17.0.3)
    method_source (1.1.0)
    oj (3.16.4)
      bigdecimal (>= 3.0)
    parallel (1.25.1)
    parser (3.3.3.0)
      ast (~> 2.4.1)
      racc
    pry (0.14.2)
      coderay (~> 1.1)
      method_source (~> 1.0)
    pry-byebug (3.10.1)
      byebug (~> 11.0)
      pry (>= 0.13, < 0.15)
    racc (1.8.0)
    rainbow (3.1.1)
    rake (13.2.1)
    redis (4.8.1)
    regexp_parser (2.9.2)
    rexml (3.3.0)
      strscan
    rubocop (1.64.1)
      json (~> 2.3)
      language_server-protocol (>= 3.17.0)
      parallel (~> 1.10)
      parser (>= 3.3.0.2)
      rainbow (>= 2.2.2, < 4.0)
      regexp_parser (>= 1.8, < 3.0)
      rexml (>= 3.2.5, < 4.0)
      rubocop-ast (>= 1.31.1, < 2.0)
      ruby-progressbar (~> 1.7)
      unicode-display_width (>= 2.4.0, < 3.0)
    rubocop-ast (1.31.3)
      parser (>= 3.3.1.0)
    ruby-progressbar (1.13.0)
    storable (0.10.0)
    strscan (3.1.0)
    sysinfo (0.10.0)
      drydock (< 1.0)
      storable (~> 0.10)
    tryouts (2.2.0)
      sysinfo (~> 0.10)
    unicode-display_width (2.5.0)
    uri-redis (1.3.0)
    yajl-ruby (1.4.3)

PLATFORMS
  arm64-darwin-22
  ruby

DEPENDENCIES
  drydock (>= 0.6.9)
  oj (>= 3.16.4)
  pry-byebug (~> 3.10.1)
  rake (~> 13.0)
  redis (>= 4.0, < 5.0)
  rubocop (~> 1.64.1)
  tryouts (~> 2.2.0)
  uri-redis (>= 1.3.0)
  yajl-ruby (>= 1.4.3)

BUNDLED WITH
   2.5.9
